PATH
  remote: .
  specs:
    songkickr (0.2.0)
      httparty

GEM
  remote: http://rubygems.org/
  specs:
    crack (0.3.1)
    fakeweb (1.3.0)
    httparty (0.8.1)
      multi_json
      multi_xml
    multi_json (1.1.0)
    multi_xml (0.4.1)
    redgreen (1.2.2)
    shoulda (3.0.0)
      shoulda-context (~> 1.0.0)
      shoulda-matchers (~> 1.0.0)
    shoulda-context (1.0.0)
    shoulda-matchers (1.0.0)

PLATFORMS
  ruby

DEPENDENCIES
  crack
  fakeweb (>= 1.3.0)
  redgreen (>= 1.2.2)
  shoulda (>= 2.11.0)
  songkickr!
